GEM
  remote: https://rubygems.org/
  specs:
    minitest (5.14.2)
    rake (13.0.1)

PLATFORMS
  ruby

DEPENDENCIES
  minitest
  rake

BUNDLED WITH
   1.17.3
